PATH
  remote: .
  specs:
    titlecaser (0.1.0)

GEM
  remote: https://rubygems.org/
  specs:
    rake (13.1.0)

PLATFORMS
  arm64-darwin-21
  ruby

DEPENDENCIES
  rake (~> 13.0)
  titlecaser!

BUNDLED WITH
   2.5.3
